PATH
  remote: .
  specs:
    simple_text_extract (1.2.0)
      roo (~> 2.8.2)
      rubyzip (>= 1.0.0)
      spreadsheet (~> 1.1.8)

GEM
  remote: https://rubygems.org/
  specs:
    mini_portile2 (2.6.1)
    minitest (5.14.4)
    mocha (1.12.0)
    nokogiri (1.12.5)
      mini_portile2 (~> 2.6.1)
      racc (~> 1.4)
    racc (1.5.2)
    rake (13.0.3)
    roo (2.8.3)
      nokogiri (~> 1)
      rubyzip (>= 1.3.0, < 3.0.0)
    ruby-ole (1.2.12.2)
    rubyzip (2.3.0)
    spreadsheet (1.1.9)
      ruby-ole (>= 1.0)

PLATFORMS
  ruby

DEPENDENCIES
  minitest (~> 5.0)
  mocha
  rake (~> 13.0)
  simple_text_extract!

BUNDLED WITH
   2.2.3
