PATH
  remote: .
  specs:
    simple_text_extract (2.0.0)
      creek (~> 2.5.3)
      rubyzip (~> 2.3.2)
      spreadsheet (~> 1.3.0)

GEM
  remote: https://rubygems.org/
  specs:
    coderay (1.1.3)
    creek (2.5.3)
      nokogiri (>= 1.10.0)
      rubyzip (>= 1.0.0)
    method_source (1.0.0)
    mini_portile2 (2.8.0)
    minitest (5.15.0)
    mocha (1.13.0)
    nokogiri (1.13.8)
      mini_portile2 (~> 2.8.0)
      racc (~> 1.4)
    pry (0.14.1)
      coderay (~> 1.1)
      method_source (~> 1.0)
    racc (1.6.0)
    rake (13.0.6)
    ruby-ole (1.2.12.2)
    rubyzip (2.3.2)
    spreadsheet (1.3.0)
      ruby-ole

PLATFORMS
  ruby

DEPENDENCIES
  minitest (~> 5.0)
  mocha
  pry
  rake (~> 13.0)
  simple_text_extract!

BUNDLED WITH
   2.2.15
