PATH
  remote: .
  specs:
    simple_text_extract (1.3.0)
      roo (~> 2.9.0)
      rubyzip (~> 2.3.2)
      spreadsheet (~> 1.3.0)

GEM
  remote: https://rubygems.org/
  specs:
    mini_portile2 (2.8.0)
    minitest (5.15.0)
    mocha (1.13.0)
    nokogiri (1.13.4)
      mini_portile2 (~> 2.8.0)
      racc (~> 1.4)
    racc (1.6.0)
    rake (13.0.6)
    roo (2.9.0)
      nokogiri (~> 1)
      rubyzip (>= 1.3.0, < 3.0.0)
    ruby-ole (1.2.12.2)
    rubyzip (2.3.2)
    spreadsheet (1.3.0)
      ruby-ole

PLATFORMS
  ruby

DEPENDENCIES
  minitest (~> 5.0)
  mocha
  rake (~> 13.0)
  simple_text_extract!

BUNDLED WITH
   2.2.15
