PATH
  remote: .
  specs:
    simple_text_extract (2.0.0)

GEM
  remote: https://rubygems.org/
  specs:

PLATFORMS
  arm64-darwin-21

DEPENDENCIES
  simple_text_extract!

BUNDLED WITH
   2.3.18
